PATH
  remote: .
  specs:
    rack_clicky (1.0.3)
      rack

GEM
  remote: http://rubygems.org/
  specs:
    minitest (2.11.1)
    rack (1.4.1)

PLATFORMS
  ruby

DEPENDENCIES
  minitest
  rack_clicky!
