PATH
  remote: .
  specs:
    rack_clicky (0.0.1)
      rack

GEM
  remote: http://rubygems.org/
  specs:
    rack (1.3.3)
    thoughtbot-shoulda (2.11.1)

PLATFORMS
  ruby

DEPENDENCIES
  rack_clicky!
  thoughtbot-shoulda
